GEM
  remote: https://rubygems.org/
  specs:
    coderay (1.1.0)
    interception (0.5)
    method_source (0.8.2)
    pry (0.9.12.6)
      coderay (~> 1.0)
      method_source (~> 0.8)
      slop (~> 3.4)
    pry-rescue (1.4.1)
      interception (>= 0.5)
      pry
    rmagick (2.13.2)
    rtesseract (1.2.1)
    slop (3.5.0)

PLATFORMS
  ruby

DEPENDENCIES
  pry-rescue
  rmagick
  rtesseract
